PATH
  remote: .
  specs:
    falgun_pdf (0.0.1)

GEM
  remote: https://rubygems.org/
  specs:
    rake (10.0.3)

PLATFORMS
  ruby

DEPENDENCIES
  bundler (~> 1.3)
  falgun_pdf!
  rake
